GIT
  remote: git://github.com/condor/versatile_rjs.git
  revision: 6a52e849ab113819cc8a457996d07bb87ab53ad6
  specs:
    versatile_rjs (0.1.4)
      rails (>= 3.1.0)

GIT
  remote: git://github.com/niklas/ember-rails-flash.git
  revision: 63914299fb601b907af1e3133acfb24d3a43c382
  ref: 6391429
  specs:
    ember-rails-flash (0.0.1)
      coffee-script
      rails (~> 3.2.0)

GIT
  remote: git://github.com/niklas/kopflos.git
  revision: 81edd0fb01be9855f3062331b595d572ef8dd0cd
  specs:
    kopflos (0.0.1)
      open4

GIT
  remote: git://github.com/niklas/notes.git
  revision: 395e4a101302c6d7d25b262b1773183166bc2c0e
  specs:
    notes (0.1.1)
      paint (>= 0.8.4)

GIT
  remote: git://github.com/rails-api/active_model_serializers.git
  revision: e79fe399a53bb79b22f040697681617eea8cedbc
  specs:
    active_model_serializers (0.5.2)
      activemodel (>= 3.0)

GIT
  remote: git@github.com:rwrede/nested_form.git
  revision: 5c78a4137124defa96aa65470c6095707d218488
  specs:
    nested_form (0.3.1)

GEM
  remote: http://rubygems.org/
  specs:
    RedCloth (4.2.9)
    actionmailer (3.2.12)
      actionpack (= 3.2.12)
      mail (~> 2.4.4)
    actionpack (3.2.12)
      activemodel (= 3.2.12)
      activesupport (= 3.2.12)
      builder (~> 3.0.0)
      erubis (~> 2.7.0)
      journey (~> 1.0.4)
      rack (~> 1.4.5)
      rack-cache (~> 1.2)
      rack-test (~> 0.6.1)
      sprockets (~> 2.2.1)
    active_attr (0.5.1)
      activemodel (>= 3.0.2, < 4.1)
      activesupport (>= 3.0.2, < 4.1)
    activemodel (3.2.12)
      activesupport (= 3.2.12)
      builder (~> 3.0.0)
    activerecord (3.2.12)
      activemodel (= 3.2.12)
      activesupport (= 3.2.12)
      arel (~> 3.0.2)
      tzinfo (~> 0.3.29)
    activeresource (3.2.12)
      activemodel (= 3.2.12)
      activesupport (= 3.2.12)
    activesupport (3.2.12)
      i18n (~> 0.6)
      multi_json (~> 1.0)
    acts_as_commentable_with_threading (1.1.2)
      activerecord (>= 3.0)
      activesupport (~> 3.0)
      awesome_nested_set (>= 2.0)
    addressable (2.3.2)
    arel (3.0.2)
    awesome_nested_set (2.1.5)
      activerecord (>= 3.0.0)
    backup (3.0.27)
      open4 (~> 1.3.0)
      thor (>= 0.15.4, < 2)
    bcrypt-ruby (3.0.1)
    better_errors (0.5.0)
      coderay (>= 1.0.0)
      erubis (>= 2.6.6)
    binding_of_caller (0.6.8)
    bourbon (2.1.1)
      sass (>= 3.1)
    breach-mitigation-rails (0.0.2)
    builder (3.0.4)
    cancan (1.6.8)
    capistrano (2.15.4)
      highline
      net-scp (>= 1.0.0)
      net-sftp (>= 2.0.0)
      net-ssh (>= 2.0.14)
      net-ssh-gateway (>= 1.1.0)
    capistrano-ext (1.2.1)
      capistrano (>= 1.0.0)
    capybara (1.1.4)
      mime-types (>= 1.16)
      nokogiri (>= 1.3.3)
      rack (>= 1.0.0)
      rack-test (>= 0.5.4)
      selenium-webdriver (~> 2.0)
      xpath (~> 0.1.4)
    carrierwave (0.6.2)
      activemodel (>= 3.2.0)
      activesupport (>= 3.2.0)
    childprocess (0.3.9)
      ffi (~> 1.0, >= 1.0.11)
    chromedriver-helper (0.0.5)
      nokogiri
    ci_reporter (1.7.3)
      builder (>= 2.1.2)
    coderay (1.0.8)
    coffee-rails (3.2.2)
      coffee-script (>= 2.2.0)
      railties (~> 3.2.0)
    coffee-script (2.2.0)
      coffee-script-source
      execjs
    coffee-script-source (1.6.2)
    cucumber (1.2.1)
      builder (>= 2.1.2)
      diff-lcs (>= 1.1.3)
      gherkin (~> 2.11.0)
      json (>= 1.4.6)
    cucumber-rails (1.2.1)
      capybara (>= 1.1.2)
      cucumber (>= 1.1.3)
      nokogiri (>= 1.5.0)
    daemons (1.1.9)
    database_cleaner (0.9.1)
    delayed_job (4.0.0)
      activesupport (>= 3.0, < 4.1)
    delayed_job_active_record (4.0.0)
      activerecord (>= 3.0, < 4.1)
      delayed_job (>= 3.0, < 4.1)
    devise (2.1.2)
      bcrypt-ruby (~> 3.0)
      orm_adapter (~> 0.1)
      railties (~> 3.1)
      warden (~> 1.2.1)
    diff-lcs (1.1.3)
    diff_matcher (2.4.0)
    draper (1.1.0)
      actionpack (>= 3.0)
      activesupport (>= 3.0)
      request_store (~> 1.0.3)
    email_spec (1.4.0)
      launchy (~> 2.1)
      mail (~> 2.2)
    ember-rails (0.7.0)
      active_model_serializers
      execjs (>= 1.2)
      railties (~> 3.1)
    erubis (2.7.0)
    eventmachine (1.0.0)
    exception_notification (2.6.1)
      actionmailer (>= 3.0.4)
    execjs (1.4.0)
      multi_json (~> 1.0)
    factory_girl (4.2.0)
      activesupport (>= 3.0.0)
    factory_girl_rails (4.2.1)
      factory_girl (~> 4.2.0)
      railties (>= 3.0.0)
    ffi (1.9.0)
    formatador (0.2.4)
    friendly_id (4.0.9)
    fuubar-cucumber (0.0.18)
      cucumber (~> 1.2.0)
      ruby-progressbar (~> 1.0.0)
    gherkin (2.11.4)
      json (>= 1.4.6)
    gon (4.0.0)
      actionpack (>= 2.3.0)
      json
    gravtastic (3.2.6)
    guard (1.7.0)
      formatador (>= 0.2.4)
      listen (>= 0.6.0)
      lumberjack (>= 1.0.2)
      pry (>= 0.9.10)
      thor (>= 0.14.6)
    guard-bundler (1.0.0)
      bundler (~> 1.0)
      guard (~> 1.1)
    guard-cucumber (1.3.2)
      cucumber (>= 1.2.0)
      guard (>= 1.1.0)
    guard-jasmine (1.16.0)
      childprocess
      guard (>= 1.1.0)
      multi_json
      thor
      tilt
    guard-rspec (2.4.0)
      guard (>= 1.1)
      rspec (~> 2.11)
    guard-spork (1.4.2)
      childprocess (>= 0.2.3)
      guard (>= 1.1)
      spork (>= 0.8.4)
    haml (3.1.8)
    haml-rails (0.3.5)
      actionpack (>= 3.1, < 4.1)
      activesupport (>= 3.1, < 4.1)
      haml (~> 3.1)
      railties (>= 3.1, < 4.1)
    has_scope (0.5.1)
    highline (1.6.18)
    hike (1.2.3)
    i18n (0.6.4)
    inherited_resources (1.3.1)
      has_scope (~> 0.5.0)
      responders (~> 0.6)
    jasminerice (0.0.10)
      coffee-rails
      haml
    journey (1.0.4)
    jquery-rails (2.1.4)
      railties (>= 3.0, < 5.0)
      thor (>= 0.14, < 2.0)
    jquery-ui-rails (2.0.2)
      jquery-rails
      railties (>= 3.1.0)
    json (1.8.0)
    kaminari (0.14.1)
      actionpack (>= 3.0.0)
      activesupport (>= 3.0.0)
    launchy (2.1.2)
      addressable (~> 2.3)
    libnotify (0.8.0)
      ffi (>= 1.0.11)
    libv8 (3.3.10.4)
    listen (0.7.3)
    lumberjack (1.0.3)
    mail (2.4.4)
      i18n (>= 0.4.0)
      mime-types (~> 1.16)
      treetop (~> 1.4.8)
    meta_request (0.2.1)
      rack-contrib
      rails
    method_source (0.8)
    mime-types (1.21)
    mini_magick (3.4)
      subexec (~> 0.2.1)
    multi_json (1.7.6)
    net-scp (1.1.0)
      net-ssh (>= 2.6.5)
    net-sftp (2.1.1)
      net-ssh (>= 2.6.5)
    net-ssh (2.6.7)
    net-ssh-gateway (1.2.0)
      net-ssh (>= 2.6.5)
    nokogiri (1.5.6)
    open4 (1.3.0)
    orm_adapter (0.4.0)
    paint (0.8.6)
    pg (0.14.1)
    pickle (0.4.11)
      cucumber (>= 0.8)
      rake
    polyglot (0.3.3)
    pry (0.9.10)
      coderay (~> 1.0.5)
      method_source (~> 0.8)
      slop (~> 3.3.1)
    quiet_assets (1.0.1)
      railties (~> 3.1)
    rack (1.4.5)
    rack-cache (1.2)
      rack (>= 0.4)
    rack-contrib (1.1.0)
      rack (>= 0.9.1)
    rack-ssl (1.3.3)
      rack
    rack-test (0.6.2)
      rack (>= 1.0)
    rails (3.2.12)
      actionmailer (= 3.2.12)
      actionpack (= 3.2.12)
      activerecord (= 3.2.12)
      activeresource (= 3.2.12)
      activesupport (= 3.2.12)
      bundler (~> 1.0)
      railties (= 3.2.12)
    rails-develotest (0.0.1)
    railties (3.2.12)
      actionpack (= 3.2.12)
      activesupport (= 3.2.12)
      rack-ssl (~> 1.3.2)
      rake (>= 0.8.7)
      rdoc (~> 3.4)
      thor (>= 0.14.6, < 2.0)
    rake (10.0.4)
    rb-fsevent (0.9.1)
    rb-inotify (0.8.8)
      ffi (>= 0.5.0)
    rdoc (3.12.2)
      json (~> 1.4)
    remotipart (1.0.2)
    request_store (1.0.5)
    responders (0.9.3)
      railties (~> 3.1)
    rspec (2.12.0)
      rspec-core (~> 2.12.0)
      rspec-expectations (~> 2.12.0)
      rspec-mocks (~> 2.12.0)
    rspec-core (2.12.2)
    rspec-expectations (2.12.1)
      diff-lcs (~> 1.1.3)
    rspec-fire (1.2.0)
      rspec (~> 2.11)
    rspec-html-matchers (0.4.0)
      nokogiri (>= 1.4.4)
      rspec (>= 2.0.0)
    rspec-mocks (2.12.2)
    rspec-rails (2.12.2)
      actionpack (>= 3.0)
      activesupport (>= 3.0)
      railties (>= 3.0)
      rspec-core (~> 2.12.0)
      rspec-expectations (~> 2.12.0)
      rspec-mocks (~> 2.12.0)
    ruby-progressbar (1.0.2)
    rubyzip (0.9.9)
    rvm-capistrano (1.2.7)
      capistrano (>= 2.0.0)
    sass (3.2.1)
    sass-rails (3.2.5)
      railties (~> 3.2.0)
      sass (>= 3.1.10)
      tilt (~> 1.3)
    selenium-webdriver (2.32.1)
      childprocess (>= 0.2.5)
      multi_json (~> 1.0)
      rubyzip
      websocket (~> 1.0.4)
    simple_form (2.0.4)
      actionpack (~> 3.0)
      activemodel (~> 3.0)
    simplecov (0.7.0)
      multi_json (~> 1.0)
      simplecov-html (~> 0.7.0)
    simplecov-html (0.7.0)
    slop (3.3.3)
    spectator-validates_email (0.1.1)
      actionpack (>= 3.0.0)
      activemodel (>= 3.0.0)
    spork (1.0.0rc3)
    sprockets (2.2.2)
      hike (~> 1.2)
      multi_json (~> 1.0)
      rack (~> 1.0)
      tilt (~> 1.1, != 1.3.0)
    strong_parameters (0.2.1)
      actionpack (~> 3.0)
      activemodel (~> 3.0)
      railties (~> 3.0)
    subexec (0.2.2)
    term-ansicolor (1.0.7)
    test_after_commit (0.0.1)
    therubyracer (0.10.2)
      libv8 (~> 3.3.10)
    thin (1.5.0)
      daemons (>= 1.0.9)
      eventmachine (>= 0.12.6)
      rack (>= 1.0.0)
    thor (0.18.1)
    tilt (1.4.1)
    timecop (0.5.2)
    treetop (1.4.12)
      polyglot
      polyglot (>= 0.3.1)
    tzinfo (0.3.35)
    uglifier (1.3.0)
      execjs (>= 0.3.0)
      multi_json (~> 1.0, >= 1.0.2)
    warden (1.2.1)
      rack (>= 1.0)
    websocket (1.0.7)
    xpath (0.1.4)
      nokogiri (~> 1.3)

PLATFORMS
  ruby

DEPENDENCIES
  RedCloth
  active_attr (~> 0.5.0.alpha2)
  active_model_serializers!
  acts_as_commentable_with_threading (~> 1.1.2)
  backup
  better_errors
  binding_of_caller
  bourbon
  breach-mitigation-rails
  cancan
  capistrano
  capistrano-ext
  carrierwave
  chromedriver-helper
  ci_reporter (~> 1.7.3)
  coffee-rails (~> 3.2.2)
  cucumber-rails (~> 1.2.1)
  database_cleaner
  delayed_job
  delayed_job_active_record
  devise
  diff_matcher
  draper (~> 1.1.0)
  email_spec (~> 1.4.0)
  ember-rails (= 0.7.0)
  ember-rails-flash!
  exception_notification
  factory_girl_rails (~> 4.2.1)
  friendly_id (~> 4.0)
  fuubar-cucumber
  gon
  gravtastic
  guard-bundler (~> 1.0.0)
  guard-cucumber (~> 1.3.2)
  guard-jasmine
  guard-rspec (~> 2.4.0)
  guard-spork (~> 1.4.2)
  haml-rails
  inherited_resources
  jasminerice
  jquery-rails (~> 2.1.3)
  jquery-ui-rails (~> 2.0.2)
  kaminari
  kopflos!
  launchy
  libnotify
  meta_request
  mini_magick
  nested_form!
  notes!
  pg
  pickle
  polyglot
  pry
  quiet_assets
  rails (= 3.2.12)
  rails-develotest
  rb-fsevent (~> 0.9.1)
  rb-inotify (~> 0.8.8)
  remotipart
  rspec-fire
  rspec-html-matchers
  rspec-rails (~> 2.12.2)
  rvm-capistrano
  sass-rails (~> 3.2.4)
  selenium-webdriver (~> 2.32.1)
  simple_form (~> 2.0.0)
  simplecov
  spectator-validates_email
  spork (= 1.0.0rc3)
  strong_parameters (~> 0.2.1)
  term-ansicolor
  test_after_commit
  therubyracer
  thin
  timecop
  treetop
  uglifier (>= 1.2.3)
  versatile_rjs!
