GIT
  remote: git://github.com/KonaTeam/ri_cal.git
  revision: 7c96457ebbe2f31ffa34be525c7a4b2bfaa91e28
  specs:
    ri_cal (0.8.8r)

GIT
  remote: git://github.com/flowdock/capistrano-flowdock.git
  revision: a8ddc6b1540d0421772c620f87a7c52e84483c13
  branch: capistrano-2
  specs:
    capistrano-flowdock (1.0.0)
      capistrano (~> 2.0)
      flowdock (~> 0.3.1)
      grit (~> 2.4)

GIT
  remote: git://github.com/mars/chromedriver-helper.git
  revision: 3be3d4494338c4372f19cdf57b08606db877bd3d
  branch: download-via-bucket-xml
  specs:
    chromedriver-helper (0.0.5)
      nokogiri

GIT
  remote: git://github.com/niklas/ember-rails-flash.git
  revision: de3c3665d2bdafa9e5cebfb8dee713919ae38223
  specs:
    ember-rails-flash (0.0.1)
      coffee-script
      rails (>= 3.0)

GIT
  remote: git://github.com/niklas/kopflos.git
  revision: d206c0f5cd03adf83b8a82d86a831e8e044e5d77
  specs:
    kopflos (0.0.1)
      open4

GIT
  remote: git://github.com/niklas/notes.git
  revision: 395e4a101302c6d7d25b262b1773183166bc2c0e
  specs:
    notes (0.1.1)
      paint (>= 0.8.4)

GIT
  remote: git://github.com/niklas/versatile_rjs.git
  revision: a47a499c460ab34d96c7312335d059901108e483
  specs:
    versatile_rjs (0.1.4)
      rails (>= 3.1.0)

GIT
  remote: git://github.com/ryanb/nested_form.git
  revision: 1b0689dfb4d230ceabd278eba159fcb02f23c68a
  specs:
    nested_form (0.3.2)

GIT
  remote: git://github.com/tbuehl/pickle.git
  revision: eb928db7c279f097647663c71f2f4b00f03a68b3
  specs:
    pickle (0.4.11)
      cucumber (>= 0.8)
      rake

PATH
  remote: vendor/engines/tutorial
  specs:
    tutorial (0.0.1)
      active_attr
      active_model_serializers
      nokogiri
      rails

GEM
  remote: https://rubygems.org/
  specs:
    RedCloth (4.2.9)
    actionmailer (4.1.1)
      actionpack (= 4.1.1)
      actionview (= 4.1.1)
      mail (~> 2.5.4)
    actionpack (4.1.1)
      actionview (= 4.1.1)
      activesupport (= 4.1.1)
      rack (~> 1.5.2)
      rack-test (~> 0.6.2)
    actionview (4.1.1)
      activesupport (= 4.1.1)
      builder (~> 3.1)
      erubis (~> 2.7.0)
    active_attr (0.8.4)
      activemodel (>= 3.0.2, < 4.2)
      activesupport (>= 3.0.2, < 4.2)
    active_model_serializers (0.8.1)
      activemodel (>= 3.0)
    activemodel (4.1.1)
      activesupport (= 4.1.1)
      builder (~> 3.1)
    activerecord (4.1.1)
      activemodel (= 4.1.1)
      activesupport (= 4.1.1)
      arel (~> 5.0.0)
    activesupport (4.1.1)
      i18n (~> 0.6, >= 0.6.9)
      json (~> 1.7, >= 1.7.7)
      minitest (~> 5.1)
      thread_safe (~> 0.1)
      tzinfo (~> 1.1)
    acts_as_commentable_with_threading (1.2.0)
      activerecord (>= 3.0)
      activesupport (>= 3.0)
      awesome_nested_set (>= 2.0)
    addressable (2.3.6)
    arel (5.0.1.20140414130214)
    awesome_nested_set (3.0.0)
      activerecord (>= 4.0.0, < 5)
    backup (3.4.0)
      open4 (~> 1.3.0)
      thor (>= 0.15.4, < 2)
    barber (0.4.2)
      ember-source
      execjs
      handlebars-source
    barber-emblem (0.1.1)
      barber (>= 0.4.1)
      emblem-source
    bcrypt (3.1.7)
    better_errors (1.1.0)
      coderay (>= 1.0.0)
      erubis (>= 2.6.6)
    binding_of_caller (0.7.2)
      debug_inspector (>= 0.0.1)
    bourbon (3.2.3)
      sass (~> 3.2)
      thor
    breach-mitigation-rails (0.2.2)
      activesupport
      rack
    builder (3.2.2)
    callsite (0.0.11)
    cancan (1.6.10)
    capistrano (2.15.5)
      highline
      net-scp (>= 1.0.0)
      net-sftp (>= 2.0.0)
      net-ssh (>= 2.0.14)
      net-ssh-gateway (>= 1.1.0)
    capistrano-ext (1.2.1)
      capistrano (>= 1.0.0)
    capybara (2.4.1)
      mime-types (>= 1.16)
      nokogiri (>= 1.3.3)
      rack (>= 1.0.0)
      rack-test (>= 0.5.4)
      xpath (~> 2.0)
    carrierwave (0.10.0)
      activemodel (>= 3.2.0)
      activesupport (>= 3.2.0)
      json (>= 1.7)
      mime-types (>= 1.16)
    celluloid (0.15.2)
      timers (~> 1.1.0)
    childprocess (0.5.3)
      ffi (~> 1.0, >= 1.0.11)
    chosen-rails (1.1.0)
      coffee-rails (>= 3.2)
      compass-rails (>= 1.1.2)
      railties (>= 3.0)
      sass-rails (>= 3.2)
    chronic (0.10.2)
    chunky_png (1.3.1)
    ci_reporter (1.7.3)
      builder (>= 2.1.2)
    coderay (1.1.0)
    coffee-rails (4.0.1)
      coffee-script (>= 2.2.0)
      railties (>= 4.0.0, < 5.0)
    coffee-script (2.3.0)
      coffee-script-source
      execjs
    coffee-script-source (1.7.1)
    compass (0.12.7)
      chunky_png (~> 1.2)
      fssm (>= 0.2.7)
      sass (~> 3.2.19)
    compass-rails (2.0.0)
      compass (>= 0.12.2)
    csv_builder (2.1.1)
      actionpack (>= 3.0.0)
    cucumber (1.3.16)
      builder (>= 2.1.2)
      diff-lcs (>= 1.1.3)
      gherkin (~> 2.12)
      multi_json (>= 1.7.5, < 2.0)
      multi_test (>= 0.1.1)
    cucumber-rails (1.4.1)
      capybara (>= 1.1.2, < 3)
      cucumber (>= 1.3.8, < 2)
      mime-types (~> 1.16)
      nokogiri (~> 1.5)
      rails (>= 3, < 5)
    daemons (1.1.9)
    database_cleaner (1.3.0)
    debug_inspector (0.0.2)
    delayed_job (4.0.2)
      activesupport (>= 3.0, < 4.2)
    delayed_job_active_record (4.0.1)
      activerecord (>= 3.0, < 4.2)
      delayed_job (>= 3.0, < 4.1)
    devise (3.3.0)
      bcrypt (~> 3.0)
      orm_adapter (~> 0.1)
      railties (>= 3.2.6, < 5)
      thread_safe (~> 0.1)
      warden (~> 1.2.3)
    diff-lcs (1.2.5)
    diff_matcher (2.5.0)
    docile (1.1.5)
    draper (1.3.1)
      actionpack (>= 3.0)
      activemodel (>= 3.0)
      activesupport (>= 3.0)
      request_store (~> 1.0.3)
    email_spec (1.4.0)
      launchy (~> 2.1)
      mail (~> 2.2)
    ember-data-source (1.0.0.beta.7)
      ember-source
    ember-rails (0.15.0)
      active_model_serializers
      barber (>= 0.4.1)
      ember-data-source (>= 1.0.0.beta.5)
      ember-source (>= 1.1.0)
      execjs (>= 1.2)
      handlebars-source (> 1.0.0)
      jquery-rails (>= 1.0.17)
      railties (>= 3.1)
    ember-source (1.5.1.1)
      handlebars-source (~> 1.0)
    emblem-rails (0.2.1)
      barber-emblem (~> 0.1.1)
      ember-rails (>= 0.14.0)
    emblem-source (0.3.16)
    erubis (2.7.0)
    eventmachine (1.0.3)
    exception_notification (4.0.1)
      actionmailer (>= 3.0.4)
      activesupport (>= 3.0.4)
    execjs (2.2.1)
    factory_girl (4.2.0)
      activesupport (>= 3.0.0)
    factory_girl_rails (4.2.1)
      factory_girl (~> 4.2.0)
      railties (>= 3.0.0)
    fastercsv (1.5.5)
    ffi (1.9.3)
    flowdock (0.3.1)
      httparty (~> 0.7)
      multi_json
    formatador (0.2.5)
    friendly_id (5.0.4)
      activerecord (>= 4.0.0)
    fssm (0.2.10)
    fuubar-cucumber (0.0.22)
      cucumber (~> 1.3.0)
      ruby-progressbar (~> 1.2)
    gherkin (2.12.2)
      multi_json (~> 1.3)
    gon (5.1.2)
      actionpack (>= 2.3.0)
      json
      multi_json
      request_store (>= 1.0.5)
    gravtastic (3.2.6)
    grit (2.5.0)
      diff-lcs (~> 1.1)
      mime-types (~> 1.15)
      posix-spawn (~> 0.3.6)
    guard (2.6.1)
      formatador (>= 0.2.4)
      listen (~> 2.7)
      lumberjack (~> 1.0)
      pry (>= 0.9.12)
      thor (>= 0.18.1)
    guard-bundler (2.0.0)
      bundler (~> 1.0)
      guard (~> 2.2)
    guard-cucumber (1.4.1)
      cucumber (>= 1.2.0)
      guard (>= 1.1.0)
    guard-jasmine (1.19.2)
      childprocess
      guard (>= 2.0.0)
      multi_json
      thor
      tilt
    guard-rspec (4.3.1)
      guard (~> 2.1)
      rspec (>= 2.14, < 4.0)
    haml (4.0.5)
      tilt
    haml-rails (0.5.3)
      actionpack (>= 4.0.1)
      activesupport (>= 4.0.1)
      haml (>= 3.1, < 5.0)
      railties (>= 4.0.1)
    handlebars-source (1.3.0)
    has_scope (0.6.0.rc)
      actionpack (>= 3.2, < 5)
      activesupport (>= 3.2, < 5)
    highline (1.6.21)
    hike (1.2.3)
    httparty (0.13.1)
      json (~> 1.8)
      multi_xml (>= 0.5.2)
    i18n (0.6.11)
    inherited_resources (1.5.0)
      has_scope (~> 0.6.0.rc)
      responders (~> 1.0)
    jquery-rails (2.1.4)
      railties (>= 3.0, < 5.0)
      thor (>= 0.14, < 2.0)
    jquery-ui-rails (2.0.2)
      jquery-rails
      railties (>= 3.1.0)
    json (1.8.1)
    kaminari (0.16.1)
      actionpack (>= 3.0.0)
      activesupport (>= 3.0.0)
    launchy (2.4.2)
      addressable (~> 2.3)
    libnotify (0.8.3)
      ffi (>= 1.0.11)
    libv8 (3.16.14.3)
    listen (2.7.9)
      celluloid (>= 0.15.2)
      rb-fsevent (>= 0.9.3)
      rb-inotify (>= 0.9)
    lumberjack (1.0.9)
    mail (2.5.4)
      mime-types (~> 1.16)
      treetop (~> 1.4.8)
    meta_request (0.3.4)
      callsite (~> 0.0, >= 0.0.11)
      rack-contrib (~> 1.1)
      railties (>= 3.0.0, < 5.0.0)
    method_source (0.8.2)
    mime-types (1.25.1)
    mini_magick (3.8.0)
      subexec (~> 0.2.1)
    mini_portile (0.6.0)
    minitest (5.4.2)
    multi_json (1.10.1)
    multi_test (0.1.1)
    multi_xml (0.5.5)
    net-scp (1.2.1)
      net-ssh (>= 2.6.5)
    net-sftp (2.1.2)
      net-ssh (>= 2.6.5)
    net-ssh (2.9.1)
    net-ssh-gateway (1.2.0)
      net-ssh (>= 2.6.5)
    nokogiri (1.6.3.1)
      mini_portile (= 0.6.0)
    non-stupid-digest-assets (1.0.4)
    open4 (1.3.4)
    orm_adapter (0.5.0)
    paint (0.8.7)
    pg (0.17.1)
    pg_array_parser (0.0.9)
    polyglot (0.3.5)
    posix-spawn (0.3.9)
    postgres_ext (2.3.0)
      activerecord (>= 4.0.0)
      arel (>= 4.0.1)
      pg_array_parser (~> 0.0.9)
    pry (0.10.0)
      coderay (~> 1.1.0)
      method_source (~> 0.8.1)
      slop (~> 3.4)
    pry-doc (0.6.0)
      pry (~> 0.9)
      yard (~> 0.8)
    quiet_assets (1.0.3)
      railties (>= 3.1, < 5.0)
    rack (1.5.2)
    rack-contrib (1.1.0)
      rack (>= 0.9.1)
    rack-test (0.6.2)
      rack (>= 1.0)
    rails (4.1.1)
      actionmailer (= 4.1.1)
      actionpack (= 4.1.1)
      actionview (= 4.1.1)
      activemodel (= 4.1.1)
      activerecord (= 4.1.1)
      activesupport (= 4.1.1)
      bundler (>= 1.3.0, < 2.0)
      railties (= 4.1.1)
      sprockets-rails (~> 2.0)
    rails-develotest (0.0.1)
    railties (4.1.1)
      actionpack (= 4.1.1)
      activesupport (= 4.1.1)
      rake (>= 0.8.7)
      thor (>= 0.18.1, < 2.0)
    rake (10.3.2)
    rb-fsevent (0.9.4)
    rb-inotify (0.9.5)
      ffi (>= 0.5.0)
    ref (1.0.5)
    remotipart (1.2.1)
    request_store (1.0.8)
    responders (1.1.0)
      railties (>= 3.2, < 5)
    rspec (2.14.1)
      rspec-core (~> 2.14.0)
      rspec-expectations (~> 2.14.0)
      rspec-mocks (~> 2.14.0)
    rspec-core (2.14.8)
    rspec-expectations (2.14.5)
      diff-lcs (>= 1.1.3, < 2.0)
    rspec-fire (1.3.0)
      rspec (>= 2.11, < 4)
    rspec-html-matchers (0.5.0)
      nokogiri (~> 1)
      rspec (~> 2, >= 2.11.0)
    rspec-mocks (2.14.6)
    rspec-rails (2.14.2)
      actionpack (>= 3.0)
      activemodel (>= 3.0)
      activesupport (>= 3.0)
      railties (>= 3.0)
      rspec-core (~> 2.14.0)
      rspec-expectations (~> 2.14.0)
      rspec-mocks (~> 2.14.0)
    ruby-progressbar (1.5.1)
    rubyzip (1.1.6)
    rvm-capistrano (1.5.3)
      capistrano (~> 2.15.4)
    sass (3.2.19)
    sass-rails (4.0.3)
      railties (>= 4.0.0, < 5.0)
      sass (~> 3.2.0)
      sprockets (~> 2.8, <= 2.11.0)
      sprockets-rails (~> 2.0)
    selenium-webdriver (2.42.0)
      childprocess (>= 0.5.0)
      multi_json (~> 1.0)
      rubyzip (~> 1.0)
      websocket (~> 1.0.4)
    semantic (1.3.0)
    simple_form (3.0.2)
      actionpack (~> 4.0)
      activemodel (~> 4.0)
    simplecov (0.9.0)
      docile (~> 1.1.0)
      multi_json
      simplecov-html (~> 0.8.0)
    simplecov-html (0.8.0)
    slop (3.6.0)
    spectator-validates_email (0.2.0)
      activemodel (>= 3.0.0)
    sprockets (2.11.0)
      hike (~> 1.2)
      multi_json (~> 1.0)
      rack (~> 1.0)
      tilt (~> 1.1, != 1.3.0)
    sprockets-rails (2.1.3)
      actionpack (>= 3.0)
      activesupport (>= 3.0)
      sprockets (~> 2.8)
    subexec (0.2.3)
    term-ansicolor (1.3.0)
      tins (~> 1.0)
    test_after_commit (0.2.5)
      activerecord (>= 3.2)
    therubyracer (0.12.1)
      libv8 (~> 3.16.14.0)
      ref
    thin (1.6.2)
      daemons (>= 1.0.9)
      eventmachine (>= 1.0.0)
      rack (>= 1.0.0)
    thor (0.19.1)
    thread_safe (0.3.4)
    tilt (1.4.1)
    timecop (0.7.1)
    timers (1.1.0)
    tins (1.3.0)
    treetop (1.4.15)
      polyglot
      polyglot (>= 0.3.1)
    tzinfo (1.2.2)
      thread_safe (~> 0.1)
    uglifier (2.5.3)
      execjs (>= 0.3.0)
      json (>= 1.8.0)
    warden (1.2.3)
      rack (>= 1.0)
    websocket (1.0.7)
    whenever (0.9.2)
      activesupport (>= 2.3.4)
      chronic (>= 0.6.3)
    xpath (2.0.0)
      nokogiri (~> 1.3)
    yard (0.8.7.6)
    zeus (0.15.1)
      method_source (>= 0.6.7)
    zonebie (0.5.1)

PLATFORMS
  ruby

DEPENDENCIES
  RedCloth
  active_attr
  active_model_serializers
  acts_as_commentable_with_threading
  awesome_nested_set (~> 3.0.0)
  backup
  better_errors
  binding_of_caller
  bourbon (~> 3.1)
  breach-mitigation-rails
  cancan
  capistrano (< 3)
  capistrano-ext
  capistrano-flowdock!
  carrierwave
  chosen-rails
  chromedriver-helper!
  ci_reporter (~> 1.7.3)
  coffee-rails
  csv_builder
  cucumber-rails (~> 1.4.0)
  database_cleaner
  delayed_job
  delayed_job_active_record
  devise
  diff_matcher
  draper (~> 1.3.0)
  email_spec (~> 1.4.0)
  ember-data-source (= 1.0.0.beta.7)
  ember-rails
  ember-rails-flash!
  ember-source (= 1.5.1.1)
  emblem-rails
  exception_notification
  factory_girl_rails (~> 4.2.1)
  fastercsv
  friendly_id
  fuubar-cucumber
  gon
  gravtastic
  guard-bundler
  guard-cucumber
  guard-jasmine
  guard-rspec
  haml-rails
  inherited_resources
  jquery-rails (~> 2.1.3)
  jquery-ui-rails (~> 2.0.2)
  kaminari
  kopflos!
  launchy
  libnotify
  meta_request
  mini_magick
  nested_form!
  non-stupid-digest-assets
  notes!
  pg
  pickle!
  polyglot
  postgres_ext
  pry
  pry-doc
  quiet_assets
  rails (= 4.1.1)
  rails-develotest
  rb-fsevent (~> 0.9)
  rb-inotify (~> 0.9)
  remotipart
  ri_cal!
  rspec-fire
  rspec-html-matchers
  rspec-rails (< 3)
  rvm-capistrano
  sass-rails (~> 4.0.3)
  selenium-webdriver (~> 2.42.0)
  semantic
  simple_form
  simplecov
  spectator-validates_email
  term-ansicolor
  test_after_commit
  therubyracer
  thin
  timecop
  treetop
  tutorial!
  uglifier
  versatile_rjs!
  whenever
  zeus
  zonebie
